GEM
  remote: https://rubygems.org/
  specs:
    activemodel (4.2.3)
      activesupport (= 4.2.3)
      builder (~> 3.1)
    activerecord (4.2.3)
      activemodel (= 4.2.3)
      activesupport (= 4.2.3)
      arel (~> 6.0)
    activerecord-sqlserver-adapter (4.2.4)
      activerecord (~> 4.2.1)
    activesupport (4.2.3)
      i18n (~> 0.7)
      json (~> 1.7, >= 1.7.7)
      minitest (~> 5.1)
      thread_safe (~> 0.3, >= 0.3.4)
      tzinfo (~> 1.1)
    arel (6.0.0)
    builder (3.2.2)
    capybara (2.4.4)
      mime-types (>= 1.16)
      nokogiri (>= 1.3.3)
      rack (>= 1.0.0)
      rack-test (>= 0.5.4)
      xpath (~> 2.0)
    childprocess (0.5.6)
      ffi (~> 1.0, >= 1.0.11)
    composite_primary_keys (8.0.0)
      activerecord (~> 4.2.0)
    cucumber (2.0.1)
      builder (>= 2.1.2)
      cucumber-core (~> 1.2.0)
      diff-lcs (>= 1.1.3)
      gherkin (~> 2.12)
      multi_json (>= 1.7.5, < 2.0)
      multi_test (>= 0.1.2)
    cucumber-core (1.2.0)
      gherkin (~> 2.12.0)
    database_cleaner (1.4.1)
    dbi (0.4.5)
      deprecated (= 2.0.1)
    deprecated (2.0.1)
    diff-lcs (1.2.5)
    ffi (1.9.10)
    ffi (1.9.10-x64-mingw32)
    ffi (1.9.10-x86-mingw32)
    gherkin (2.12.2)
      multi_json (~> 1.3)
    gherkin (2.12.2-x86-mingw32)
      multi_json (~> 1.3)
    httpclient (2.6.0.1)
    i18n (0.7.0)
    json (1.8.3)
    little-plugger (1.1.3)
    logging (2.0.0)
      little-plugger (~> 1.1)
      multi_json (~> 1.10)
    mime-types (2.6.1)
    mini_portile (0.6.2)
    minitest (5.7.0)
    multi_json (1.11.2)
    multi_test (0.1.2)
    nokogiri (1.6.6.2)
      mini_portile (~> 0.6.0)
    nokogiri (1.6.6.2-x64-mingw32)
      mini_portile (~> 0.6.0)
    nokogiri (1.6.6.2-x86-mingw32)
      mini_portile (~> 0.6.0)
    pg (0.18.2)
    pg (0.18.2-x64-mingw32)
    pg (0.18.2-x86-mingw32)
    qadb (0.0.21)
      activerecord (~> 4.2.0)
      activerecord-sqlserver-adapter (~> 4.2.2)
      composite_primary_keys (~> 8.0.0)
      dbi (~> 0.4.5)
      pg (~> 0.18.1)
      sequel (~> 4.19.0)
      tiny_tds (~> 0.6.2)
    rack (1.6.4)
    rack-test (0.6.3)
      rack (>= 1.0)
    rubyntlm (0.5.1)
    rubyzip (1.1.7)
    selenium-webdriver (2.46.2)
      childprocess (~> 0.5)
      multi_json (~> 1.0)
      rubyzip (~> 1.0)
      websocket (~> 1.0)
    sequel (4.19.0)
    thread_safe (0.3.5)
    tiny_tds (0.6.2)
    tiny_tds (0.6.2-x64-mingw32)
    tzinfo (1.2.2)
      thread_safe (~> 0.1)
    viewpoint (1.0.0)
      httpclient
      logging
      nokogiri
      rubyntlm
    websocket (1.2.2)
    xpath (2.0.0)
      nokogiri (~> 1.3)

PLATFORMS
  ruby
  x64-mingw32
  x86-mingw32

DEPENDENCIES
  activerecord
  capybara
  composite_primary_keys
  cucumber
  database_cleaner
  pg
  qadb
  selenium-webdriver
  viewpoint

BUNDLED WITH
   1.10.5
